GIT
  remote: https://github.com/travis-ci/gh
  revision: e1fcd75786ffa75667e47d3d824b54d1bd0017fe
  specs:
    gh (0.21.0)
      activesupport (~> 7.0.8)
      addressable (~> 2.8)
      faraday (~> 2)
      faraday-retry
      faraday-typhoeus
      multi_json (~> 1)
      net-http-persistent (~> 4)
      net-http-pipeline

GEM
  specs:
    activesupport (7.0.8.1)
      concurrent-ruby (~> 1.0, >= 1.0.2)
      i18n (>= 1.6, < 2)
      minitest (>= 5.1)
      tzinfo (~> 2.0)
    addressable (2.8.6)
      public_suffix (>= 2.0.2, < 6.0)
    base64 (0.2.0)
    concurrent-ruby (1.2.3)
    connection_pool (2.4.1)
    ethon (0.16.0)
      ffi (>= 1.15.0)
    faraday (2.7.12)
      base64
      faraday-net_http (>= 2.0, < 3.1)
      ruby2_keywords (>= 0.0.4)
    faraday-net_http (3.0.2)
    faraday-retry (2.2.0)
      faraday (~> 2.0)
    faraday-typhoeus (1.1.0)
      faraday (~> 2.0)
      typhoeus (~> 1.4)
    ffi (1.16.3)
    i18n (1.14.4)
      concurrent-ruby (~> 1.0)
    minitest (5.22.3)
    multi_json (1.15.0)
    net-http-persistent (4.0.2)
      connection_pool (~> 2.2)
    net-http-pipeline (1.0.1)
    public_suffix (5.0.4)
    ruby2_keywords (0.0.5)
    typhoeus (1.4.1)
      ethon (>= 0.9.0)
    tzinfo (2.0.6)
      concurrent-ruby (~> 1.0)

PLATFORMS
  arm64-darwin-22

DEPENDENCIES
  gh!

BUNDLED WITH
   2.4.21
